GEM
  remote: https://rubygems.org/
  specs:
    actioncable (8.0.3)
      actionpack (= 8.0.3)
      activesupport (= 8.0.3)
      nio4r (~> 2.0)
      websocket-driver (>= 0.6.1)
      zeitwerk (~> 2.6)
    actionmailbox (8.0.3)
      actionpack (= 8.0.3)
      activejob (= 8.0.3)
      activerecord (= 8.0.3)
      activestorage (= 8.0.3)
      activesupport (= 8.0.3)
      mail (>= 2.8.0)
    actionmailer (8.0.3)
      actionpack (= 8.0.3)
      actionview (= 8.0.3)
      activejob (= 8.0.3)
      activesupport (= 8.0.3)
      mail (>= 2.8.0)
      rails-dom-testing (~> 2.2)
    actionpack (8.0.3)
      actionview (= 8.0.3)
      activesupport (= 8.0.3)
      nokogiri (>= 1.8.5)
      rack (>= 2.2.4)
      rack-session (>= 1.0.1)
      rack-test (>= 0.6.3)
      rails-dom-testing (~> 2.2)
      rails-html-sanitizer (~> 1.6)
      useragent (~> 0.16)
    actiontext (8.0.3)
      actionpack (= 8.0.3)
      activerecord (= 8.0.3)
      activestorage (= 8.0.3)
      activesupport (= 8.0.3)
      globalid (>= 0.6.0)
      nokogiri (>= 1.8.5)
    actionview (8.0.3)
      activesupport (= 8.0.3)
      builder (~> 3.1)
      erubi (~> 1.11)
      rails-dom-testing (~> 2.2)
      rails-html-sanitizer (~> 1.6)
    activejob (8.0.3)
      activesupport (= 8.0.3)
      globalid (>= 0.3.6)
    activemodel (8.0.3)
      activesupport (= 8.0.3)
    activerecord (8.0.3)
      activemodel (= 8.0.3)
      activesupport (= 8.0.3)
      timeout (>= 0.4.0)
    activestorage (8.0.3)
      actionpack (= 8.0.3)
      activejob (= 8.0.3)
      activerecord (= 8.0.3)
      activesupport (= 8.0.3)
      marcel (~> 1.0)
    activesupport (8.0.3)
      base64
      benchmark (>= 0.3)
      bigdecimal
      concurrent-ruby (~> 1.0, >= 1.3.1)
      connection_pool (>= 2.2.5)
      drb
      i18n (>= 1.6, < 2)
      logger (>= 1.4.2)
      minitest (>= 5.1)
      securerandom (>= 0.3)
      tzinfo (~> 2.0, >= 2.0.5)
      uri (>= 0.13.1)
    addressable (2.8.7)
      public_suffix (>= 2.0.2, < 7.0)
    annotaterb (4.19.0)
      activerecord (>= 6.0.0)
      activesupport (>= 6.0.0)
    appsignal (4.7.2)
      logger
      rack (>= 2.0.0)
    ast (2.4.3)
    aws-eventstream (1.4.0)
    aws-partitions (1.1164.0)
    aws-sdk-core (3.233.0)
      aws-eventstream (~> 1, >= 1.3.0)
      aws-partitions (~> 1, >= 1.992.0)
      aws-sigv4 (~> 1.9)
      base64
      bigdecimal
      jmespath (~> 1, >= 1.6.1)
      logger
    aws-sdk-lambda (1.160.0)
      aws-sdk-core (~> 3, >= 3.231.0)
      aws-sigv4 (~> 1.5)
    aws-sdk-rails (5.1.0)
      aws-sdk-core (~> 3)
      railties (>= 7.1.0)
    aws-sigv4 (1.12.1)
      aws-eventstream (~> 1, >= 1.0.2)
    base64 (0.3.0)
    bcrypt (3.1.20)
    benchmark (0.4.1)
    bigdecimal (3.2.3)
    bindex (0.8.1)
    bootsnap (1.18.6)
      msgpack (~> 1.2)
    brakeman (7.1.0)
      racc
    builder (3.3.0)
    bundler-audit (0.9.2)
      bundler (>= 1.2.0, < 3)
      thor (~> 1.0)
    capybara (3.40.0)
      addressable
      matrix
      mini_mime (>= 0.1.3)
      nokogiri (~> 1.11)
      rack (>= 1.6.0)
      rack-test (>= 0.6.3)
      regexp_parser (>= 1.5, < 3.0)
      xpath (~> 3.2)
    caxlsx (4.4.0)
      htmlentities (~> 4.3, >= 4.3.4)
      marcel (~> 1.0)
      nokogiri (~> 1.10, >= 1.10.4)
      rubyzip (>= 2.4, < 4)
    concurrent-ruby (1.3.5)
    connection_pool (2.5.4)
    crass (1.0.6)
    csv (3.3.5)
    cucumber (10.1.0)
      base64 (~> 0.2)
      builder (~> 3.2)
      cucumber-ci-environment (> 9, < 11)
      cucumber-core (> 15, < 17)
      cucumber-cucumber-expressions (> 17, < 19)
      cucumber-html-formatter (> 20.3, < 22)
      diff-lcs (~> 1.5)
      logger (~> 1.6)
      mini_mime (~> 1.1)
      multi_test (~> 1.1)
      sys-uname (~> 1.3)
    cucumber-ci-environment (10.0.1)
    cucumber-core (15.2.1)
      cucumber-gherkin (> 27, < 33)
      cucumber-messages (> 26, < 30)
      cucumber-tag-expressions (> 5, < 7)
    cucumber-cucumber-expressions (18.0.1)
      bigdecimal
    cucumber-gherkin (32.2.0)
      cucumber-messages (> 25, < 28)
    cucumber-html-formatter (21.15.1)
      cucumber-messages (> 19, < 28)
    cucumber-messages (27.2.0)
    cucumber-rails (4.0.0)
      capybara (>= 3.25, < 4)
      cucumber (>= 7, < 11)
      railties (>= 6.1, < 9)
    cucumber-tag-expressions (6.1.2)
    cuprite (0.17)
      capybara (~> 3.0)
      ferrum (~> 0.17.0)
    data_migrate (11.3.0)
      activerecord (>= 6.1)
      railties (>= 6.1)
    database_cleaner (2.1.0)
      database_cleaner-active_record (>= 2, < 3)
    database_cleaner-active_record (2.2.2)
      activerecord (>= 5.a)
      database_cleaner-core (~> 2.0)
    database_cleaner-core (2.0.1)
    date (3.4.1)
    debug (1.11.0)
      irb (~> 1.10)
      reline (>= 0.3.8)
    devise (4.9.4)
      bcrypt (~> 3.0)
      orm_adapter (~> 0.1)
      railties (>= 4.1.0)
      responders
      warden (~> 1.2.3)
    devise_invitable (2.0.11)
      actionmailer (>= 5.0)
      devise (>= 4.6)
    diff-lcs (1.6.2)
    dotenv (3.1.8)
    drb (2.2.3)
    erb (5.0.2)
    erubi (1.13.1)
    et-orbi (1.3.0)
      tzinfo
    factory_bot (6.5.5)
      activesupport (>= 6.1.0)
    factory_bot_rails (6.5.1)
      factory_bot (~> 6.5)
      railties (>= 6.1.0)
    faraday (2.13.4)
      faraday-net_http (>= 2.0, < 3.5)
      json
      logger
    faraday-multipart (1.1.1)
      multipart-post (~> 2.0)
    faraday-net_http (3.4.1)
      net-http (>= 0.5.0)
    fast_jsonparser (0.6.0)
    ferrum (0.17.1)
      addressable (~> 2.5)
      base64 (~> 0.2)
      concurrent-ruby (~> 1.1)
      webrick (~> 1.7)
      websocket-driver (~> 0.7)
    ffaker (2.25.0)
    ffi (1.17.2-aarch64-linux-gnu)
    ffi (1.17.2-arm-linux-gnu)
    ffi (1.17.2-arm64-darwin)
    ffi (1.17.2-x86-linux-gnu)
    ffi (1.17.2-x86_64-darwin)
    ffi (1.17.2-x86_64-linux-gnu)
    fugit (1.11.2)
      et-orbi (~> 1, >= 1.2.11)
      raabro (~> 1.4)
    fx (0.9.0)
      activerecord (>= 7.0)
      railties (>= 7.0)
    globalid (1.3.0)
      activesupport (>= 6.1)
    good_job (4.12.0)
      activejob (>= 6.1.0)
      activerecord (>= 6.1.0)
      concurrent-ruby (>= 1.3.1)
      fugit (>= 1.11.0)
      railties (>= 6.1.0)
      thor (>= 1.0.0)
    htmlentities (4.3.4)
    i18n (1.14.7)
      concurrent-ruby (~> 1.0)
    image_processing (1.14.0)
      mini_magick (>= 4.9.5, < 6)
      ruby-vips (>= 2.0.17, < 3)
    importmap-rails (2.2.2)
      actionpack (>= 6.0.0)
      activesupport (>= 6.0.0)
      railties (>= 6.0.0)
    io-console (0.8.1)
    irb (1.15.2)
      pp (>= 0.6.0)
      rdoc (>= 4.0.0)
      reline (>= 0.4.2)
    jbuilder (2.14.1)
      actionview (>= 7.0.0)
      activesupport (>= 7.0.0)
    jmespath (1.6.2)
    json (2.15.0)
    language_server-protocol (3.17.0.5)
    lint_roller (1.1.0)
    logger (1.7.0)
    logidze (1.4.1)
      activerecord (>= 6.0)
      railties (>= 6.0)
    loofah (2.24.1)
      crass (~> 1.0.2)
      nokogiri (>= 1.12.0)
    mail (2.8.1)
      mini_mime (>= 0.1.1)
      net-imap
      net-pop
      net-smtp
    mailgun-ruby (1.3.10)
      faraday (~> 2.1)
      faraday-multipart (~> 1.1.0)
      mini_mime
    marcel (1.1.0)
    matrix (0.4.3)
    memoist3 (1.0.0)
    mini_magick (5.3.1)
      logger
    mini_mime (1.1.5)
    mini_portile2 (2.8.9)
    minitest (5.25.5)
    msgpack (1.8.0)
    multi_test (1.1.0)
    multipart-post (2.4.1)
    net-http (0.6.0)
      uri
    net-imap (0.5.10)
      date
      net-protocol
    net-pop (0.1.2)
      net-protocol
    net-protocol (0.2.2)
      timeout
    net-smtp (0.5.1)
      net-protocol
    nio4r (2.7.4)
    nokogiri (1.18.10)
      mini_portile2 (~> 2.8.2)
      racc (~> 1.4)
    nokogiri (1.18.10-aarch64-linux-gnu)
      racc (~> 1.4)
    nokogiri (1.18.10-arm-linux-gnu)
      racc (~> 1.4)
    nokogiri (1.18.10-arm64-darwin)
      racc (~> 1.4)
    nokogiri (1.18.10-x86_64-darwin)
      racc (~> 1.4)
    nokogiri (1.18.10-x86_64-linux-gnu)
      racc (~> 1.4)
    orm_adapter (0.5.0)
    ostruct (0.6.3)
    pagy (9.4.0)
    paper_trail (16.0.0)
      activerecord (>= 6.1)
      request_store (~> 1.4)
    parallel (1.27.0)
    paranoia (3.0.1)
      activerecord (>= 6, < 8.1)
    parser (3.3.9.0)
      ast (~> 2.4.1)
      racc
    pg (1.6.2)
    pg (1.6.2-aarch64-linux)
    pg (1.6.2-arm64-darwin)
    pg (1.6.2-x86_64-darwin)
    pg (1.6.2-x86_64-linux)
    pp (0.6.2)
      prettyprint
    pretender (0.6.0)
      actionpack (>= 7.1)
    prettyprint (0.2.0)
    prism (1.5.1)
    propshaft (1.3.1)
      actionpack (>= 7.0.0)
      activesupport (>= 7.0.0)
      rack
    psych (5.2.6)
      date
      stringio
    public_suffix (6.0.2)
    puma (7.0.4)
      nio4r (~> 2.0)
    pundit (2.5.2)
      activesupport (>= 3.0.0)
    pundit-matchers (4.0.0)
      rspec-core (~> 3.12)
      rspec-expectations (~> 3.12)
      rspec-mocks (~> 3.12)
      rspec-support (~> 3.12)
    raabro (1.4.0)
    racc (1.8.1)
    rack (3.2.1)
    rack-attack (6.7.0)
      rack (>= 1.0, < 4)
    rack-session (2.1.1)
      base64 (>= 0.1.0)
      rack (>= 3.0.0)
    rack-test (2.2.0)
      rack (>= 1.3)
    rackup (2.2.1)
      rack (>= 3)
    rails (8.0.3)
      actioncable (= 8.0.3)
      actionmailbox (= 8.0.3)
      actionmailer (= 8.0.3)
      actionpack (= 8.0.3)
      actiontext (= 8.0.3)
      actionview (= 8.0.3)
      activejob (= 8.0.3)
      activemodel (= 8.0.3)
      activerecord (= 8.0.3)
      activestorage (= 8.0.3)
      activesupport (= 8.0.3)
      bundler (>= 1.15.0)
      railties (= 8.0.3)
    rails-dom-testing (2.3.0)
      activesupport (>= 5.0.0)
      minitest
      nokogiri (>= 1.6)
    rails-html-sanitizer (1.6.2)
      loofah (~> 2.21)
      nokogiri (>= 1.15.7, != 1.16.7, != 1.16.6, != 1.16.5, != 1.16.4, != 1.16.3, != 1.16.2, != 1.16.1, != 1.16.0.rc1, != 1.16.0)
    railties (8.0.3)
      actionpack (= 8.0.3)
      activesupport (= 8.0.3)
      irb (~> 1.13)
      rackup (>= 1.0.0)
      rake (>= 12.2)
      thor (~> 1.0, >= 1.2.2)
      tsort (>= 0.2)
      zeitwerk (~> 2.6)
    rainbow (3.1.1)
    rake (13.3.0)
    ransack (4.3.0)
      activerecord (>= 6.1.5)
      activesupport (>= 6.1.5)
      i18n
    rdoc (6.14.2)
      erb
      psych (>= 4.0.0)
    recaptcha (5.21.1)
    redis (5.4.1)
      redis-client (>= 0.22.0)
    redis-client (0.26.0)
      connection_pool
    regexp_parser (2.11.3)
    reline (0.6.2)
      io-console (~> 0.5)
    request_store (1.7.0)
      rack (>= 1.4)
    responders (3.1.1)
      actionpack (>= 5.2)
      railties (>= 5.2)
    rspec-core (3.13.5)
      rspec-support (~> 3.13.0)
    rspec-expectations (3.13.5)
      diff-lcs (>= 1.2.0, < 2.0)
      rspec-support (~> 3.13.0)
    rspec-mocks (3.13.5)
      diff-lcs (>= 1.2.0, < 2.0)
      rspec-support (~> 3.13.0)
    rspec-rails (8.0.2)
      actionpack (>= 7.2)
      activesupport (>= 7.2)
      railties (>= 7.2)
      rspec-core (~> 3.13)
      rspec-expectations (~> 3.13)
      rspec-mocks (~> 3.13)
      rspec-support (~> 3.13)
    rspec-support (3.13.6)
    rspec_junit_formatter (0.6.0)
      rspec-core (>= 2, < 4, != 2.12.0)
    rubocop (1.81.0)
      json (~> 2.3)
      language_server-protocol (~> 3.17.0.2)
      lint_roller (~> 1.1.0)
      parallel (~> 1.10)
      parser (>= 3.3.0.2)
      rainbow (>= 2.2.2, < 4.0)
      regexp_parser (>= 2.9.3, < 3.0)
      rubocop-ast (>= 1.47.1, < 2.0)
      ruby-progressbar (~> 1.7)
      unicode-display_width (>= 2.4.0, < 4.0)
    rubocop-ast (1.47.1)
      parser (>= 3.3.7.2)
      prism (~> 1.4)
    rubocop-capybara (2.22.1)
      lint_roller (~> 1.1)
      rubocop (~> 1.72, >= 1.72.1)
    rubocop-factory_bot (2.27.1)
      lint_roller (~> 1.1)
      rubocop (~> 1.72, >= 1.72.1)
    rubocop-performance (1.26.0)
      lint_roller (~> 1.1)
      rubocop (>= 1.75.0, < 2.0)
      rubocop-ast (>= 1.44.0, < 2.0)
    rubocop-rails (2.33.3)
      activesupport (>= 4.2.0)
      lint_roller (~> 1.1)
      rack (>= 1.1)
      rubocop (>= 1.75.0, < 2.0)
      rubocop-ast (>= 1.44.0, < 2.0)
    rubocop-rails-omakase (1.1.0)
      rubocop (>= 1.72)
      rubocop-performance (>= 1.24)
      rubocop-rails (>= 2.30)
    rubocop-rspec (3.7.0)
      lint_roller (~> 1.1)
      rubocop (~> 1.72, >= 1.72.1)
    rubocop-rspec_rails (2.31.0)
      lint_roller (~> 1.1)
      rubocop (~> 1.72, >= 1.72.1)
      rubocop-rspec (~> 3.5)
    ruby-progressbar (1.13.0)
    ruby-vips (2.2.5)
      ffi (~> 1.12)
      logger
    rubyzip (3.1.0)
    scenic (1.9.0)
      activerecord (>= 4.0.0)
      railties (>= 4.0.0)
    securerandom (0.4.1)
    shadcn-ui (0.0.15)
      tailwind_merge (~> 0.12)
    sin_lru_redux (2.5.2)
    stimulus-rails (1.3.4)
      railties (>= 6.0.0)
    stringio (3.1.7)
    sys-uname (1.4.1)
      ffi (~> 1.1)
      memoist3 (~> 1.0.0)
    tailwind_merge (0.16.0)
      sin_lru_redux (~> 2.5)
    tailwindcss-rails (4.3.0)
      railties (>= 7.0.0)
      tailwindcss-ruby (~> 4.0)
    tailwindcss-ruby (4.1.13)
    tailwindcss-ruby (4.1.13-aarch64-linux-gnu)
    tailwindcss-ruby (4.1.13-arm64-darwin)
    tailwindcss-ruby (4.1.13-x86_64-darwin)
    tailwindcss-ruby (4.1.13-x86_64-linux-gnu)
    thor (1.4.0)
    timecop (0.9.10)
    timeout (0.4.3)
    tsort (0.2.0)
    turbo-rails (2.0.16)
      actionpack (>= 7.1.0)
      railties (>= 7.1.0)
    tzinfo (2.0.6)
      concurrent-ruby (~> 1.0)
    unicode-display_width (3.2.0)
      unicode-emoji (~> 4.1)
    unicode-emoji (4.1.0)
    uri (1.0.3)
    useragent (0.16.11)
    view_component (4.0.2)
      activesupport (>= 7.1.0, < 8.1)
      concurrent-ruby (~> 1)
    warden (1.2.9)
      rack (>= 2.0.9)
    web-console (4.2.1)
      actionview (>= 6.0.0)
      activemodel (>= 6.0.0)
      bindex (>= 0.4.0)
      railties (>= 6.0.0)
    webrick (1.9.1)
    websocket-driver (0.8.0)
      base64
      websocket-extensions (>= 0.1.0)
    websocket-extensions (0.1.5)
    xpath (3.2.0)
      nokogiri (~> 1.8)
    zeitwerk (2.7.3)

PLATFORMS
  aarch64-linux
  arm-linux
  arm64-darwin
  x86-linux
  x86_64-darwin
  x86_64-linux

DEPENDENCIES
  annotaterb
  appsignal
  aws-sdk-lambda
  aws-sdk-rails
  bootsnap
  brakeman
  bundler-audit
  capybara
  caxlsx
  csv
  cucumber-rails
  cuprite
  data_migrate
  database_cleaner
  debug
  devise
  devise_invitable
  dotenv
  factory_bot_rails
  fast_jsonparser
  ffaker
  fx
  good_job
  image_processing (~> 1.2)
  importmap-rails
  jbuilder
  logidze
  mailgun-ruby
  net-http
  ostruct
  pagy
  paper_trail
  paranoia
  pg (~> 1.1)
  pretender
  propshaft
  puma (>= 5.0)
  pundit
  pundit-matchers
  rack-attack
  rails (~> 8.0)
  ransack
  recaptcha
  redis (>= 4.0.1)
  rspec-rails
  rspec_junit_formatter
  rubocop
  rubocop-capybara
  rubocop-factory_bot
  rubocop-performance
  rubocop-rails
  rubocop-rails-omakase
  rubocop-rspec
  rubocop-rspec_rails
  rubyzip (>= 1.3.0)
  scenic
  shadcn-ui (~> 0.0.13)
  stimulus-rails
  tailwindcss-rails (~> 4.0)
  timecop
  turbo-rails
  tzinfo-data
  view_component
  web-console

CHECKSUMS
  actioncable (8.0.3) sha256=f8cad39cebefaa1c9d4904f3e843022f22ee7a9201b59db703bf3ef7f2877493
  actionmailbox (8.0.3) sha256=2a0444f8937c641db100128a1826554c5298ade65c62b623a1fcb34a1dc6bd2f
  actionmailer (8.0.3) sha256=6dc0c3701065a96f845a05a28e9d7a60055222cfc324cc6c3a281cec148cc723
  actionpack (8.0.3) sha256=d63c21cb109e0529d785ffdb657a092928890327c5c8ea2e46f63b6751be5ad3
  actiontext (8.0.3) sha256=1c46fdfa60ffa282bf29cccc0714071128826bef5740c4f2a88d375d206a9df4
  actionview (8.0.3) sha256=5171946ff07d1e95bf3d805ad9425a89040a013dea11bb1f4cf604f108b1ce66
  activejob (8.0.3) sha256=469eddb3822aff1c6a0df0bd3398f28bff8fcd1bd0e9d309e6b7ccbd0bdba1b6
  activemodel (8.0.3) sha256=406907245a1c6c04cdf2187cc4590fdc081d7a07392123d322125677022ea67c
  activerecord (8.0.3) sha256=9b95c63b2ae9ccb57bb15db730300fdd02af387e12474eb9002a668acab3cea8
  activestorage (8.0.3) sha256=4f4eadeb5d128a35ed21d960eeece027225b36d54542512c8a36ad5316988c5e
  activesupport (8.0.3) sha256=a711ce5e30660b23232f26a38699469f8d859d47aa1f722e183fda6d7cc17823
  addressable (2.8.7) sha256=462986537cf3735ab5f3c0f557f14155d778f4b43ea4f485a9deb9c8f7c58232
  annotaterb (4.19.0) sha256=c951df62059b3ac1ae383f4140bf935a140a15b6461f8d9a97d34b38ce2c7208
  appsignal (4.7.2) sha256=91656547010cfbe7673f4ee683e982e1603674ee7c90ea601f8b00e83b22869d
  ast (2.4.3) sha256=954615157c1d6a382bc27d690d973195e79db7f55e9765ac7c481c60bdb4d383
  aws-eventstream (1.4.0) sha256=116bf85c436200d1060811e6f5d2d40c88f65448f2125bc77ffce5121e6e183b
  aws-partitions (1.1164.0) sha256=0c84863e8d8ecae9826d24f354a321e0cde6c0d3078069dba3b96525d74950f4
  aws-sdk-core (3.233.0) sha256=798db4e867d15dceb6504317867fc8013042984988199600c78e310d0058018a
  aws-sdk-lambda (1.160.0) sha256=abb99459230e20958f0d949622406524f97f3ac33d8566eda4af6a2be43dd847
  aws-sdk-rails (5.1.0) sha256=8cffd3b60142e12a6747c91a7a609f668276b1082fc0c10810d5da3d14b13189
  aws-sigv4 (1.12.1) sha256=6973ff95cb0fd0dc58ba26e90e9510a2219525d07620c8babeb70ef831826c00
  base64 (0.3.0) sha256=27337aeabad6ffae05c265c450490628ef3ebd4b67be58257393227588f5a97b
  bcrypt (3.1.20) sha256=8410f8c7b3ed54a3c00cd2456bf13917d695117f033218e2483b2e40b0784099
  benchmark (0.4.1) sha256=d4ef40037bba27f03b28013e219b950b82bace296549ec15a78016552f8d2cce
  bigdecimal (3.2.3) sha256=ffd11d1ac67a0d3b2f44aec0a6487210b3f813f363dd11f1fcccf5ba00da4e1b
  bindex (0.8.1) sha256=7b1ecc9dc539ed8bccfc8cb4d2732046227b09d6f37582ff12e50a5047ceb17e
  bootsnap (1.18.6) sha256=0ae2393c1e911e38be0f24e9173e7be570c3650128251bf06240046f84a07d00
  brakeman (7.1.0) sha256=bbc708a75a53008490c8b9600b97fa85cb3d5a8818dd1560f18e0b89475d48af
  builder (3.3.0) sha256=497918d2f9dca528fdca4b88d84e4ef4387256d984b8154e9d5d3fe5a9c8835f
  bundler-audit (0.9.2) sha256=73051daa09865c436450a35c4d87ceef15f3f9777f4aad4fd015cc6f1f2b1048
  capybara (3.40.0) sha256=42dba720578ea1ca65fd7a41d163dd368502c191804558f6e0f71b391054aeef
  caxlsx (4.4.0) sha256=2a869967a10953f73d7df824e605775ccb3dc0cf53dd34b618c1c6574e8198bf
  concurrent-ruby (1.3.5) sha256=813b3e37aca6df2a21a3b9f1d497f8cbab24a2b94cab325bffe65ee0f6cbebc6
  connection_pool (2.5.4) sha256=e9e1922327416091f3f6542f5f4446c2a20745276b9aa796dd0bb2fd0ea1e70a
  crass (1.0.6) sha256=dc516022a56e7b3b156099abc81b6d2b08ea1ed12676ac7a5657617f012bd45d
  csv (3.3.5) sha256=6e5134ac3383ef728b7f02725d9872934f523cb40b961479f69cf3afa6c8e73f
  cucumber (10.1.0) sha256=bd9f5783b6cc2f1113ed4e64822459d4e73c973063f2325d89b5d555e4fe3e05
  cucumber-ci-environment (10.0.1) sha256=bb6e3fcec85c981dff4561997e8675a7123eead5fe9e587d2ad7568adbe18631
  cucumber-core (15.2.1) sha256=636a329f877c7ba478b5d9090f810c1b21796f9b601fa33532133ad1910b8588
  cucumber-cucumber-expressions (18.0.1) sha256=8398a0bf636af33ff3b61e459a309295eb02745b9e21bd7af0eaaa2a1e6be3e5
  cucumber-gherkin (32.2.0) sha256=a33699d3be9c7fe1b6d4a26c1aa18150f274a90c871a6bc1811d5795a52e4ad6
  cucumber-html-formatter (21.15.1) sha256=a08d7c30c357bfd4ea746312ed36e75dab5ba069e5ebc364ecfd5508540920e0
  cucumber-messages (27.2.0) sha256=46e2a1454620db3d0811ad990b9a96cd47bfdb5e2ad4f2ae0b41822332979fff
  cucumber-rails (4.0.0) sha256=b2fe07af16f74e7c6ef7cec5bb238a358443a91af019fba8586d936f49c47cf2
  cucumber-tag-expressions (6.1.2) sha256=f790e4e820b80d453e83c6a462ed6de36b9477b046543322f646c1e8c275916d
  cuprite (0.17) sha256=b140d5dc70d08b97ad54bcf45cd95d0bd430e291e9dffe76fff851fddd57c12b
  data_migrate (11.3.0) sha256=92fbe774b3de0930df9aee81933a7a5abd2183d8adab7359c1579ebbc6b96459
  database_cleaner (2.1.0) sha256=1dcba26e3b1576da692fc6bac10136a4744da5bcc293d248aae19640c65d89cd
  database_cleaner-active_record (2.2.2) sha256=88296b9f3088c31f7c0d4fcec10f68e4b71c96698043916de59b04debec10388
  database_cleaner-core (2.0.1) sha256=8646574c32162e59ed7b5258a97a208d3c44551b854e510994f24683865d846c
  date (3.4.1) sha256=bf268e14ef7158009bfeaec40b5fa3c7271906e88b196d958a89d4b408abe64f
  debug (1.11.0) sha256=1425db64cfa0130c952684e3dc974985be201dd62899bf4bbe3f8b5d6cf1aef2
  devise (4.9.4) sha256=920042fe5e704c548aa4eb65ebdd65980b83ffae67feb32c697206bfd975a7f8
  devise_invitable (2.0.11) sha256=780014f74b8848218d93a297300590120f1742984396acf3d6799ab49b9a6a3f
  diff-lcs (1.6.2) sha256=9ae0d2cba7d4df3075fe8cd8602a8604993efc0dfa934cff568969efb1909962
  dotenv (3.1.8) sha256=9e1176060ced581f8e6ce4384e91361817763a76e3c625c8bddc18b35bd392c3
  drb (2.2.3) sha256=0b00d6fdb50995fe4a45dea13663493c841112e4068656854646f418fda13373
  erb (5.0.2) sha256=d30f258143d4300fb4ecf430042ac12970c9bb4b33c974a545b8f58c1ec26c0f
  erubi (1.13.1) sha256=a082103b0885dbc5ecf1172fede897f9ebdb745a4b97a5e8dc63953db1ee4ad9
  et-orbi (1.3.0) sha256=56716ce1c40f56412d6acb0721ebede6bd23b66525dab008a95d77df00c7d260
  factory_bot (6.5.5) sha256=ce59295daee1b4704dab8a2fee6816f513d467c6aa3bc587860767d74a66efbe
  factory_bot_rails (6.5.1) sha256=d3cc4851eae4dea8a665ec4a4516895045e710554d2b5ac9e68b94d351bc6d68
  faraday (2.13.4) sha256=c719ff52cfd0dbaeca79dd83ed3aeea3f621032abf8bc959d1c05666157cac26
  faraday-multipart (1.1.1) sha256=77a18ff40149030fd1aef55bb4fc7a67ce46419a8a3fcd010e28c2526e8d8903
  faraday-net_http (3.4.1) sha256=095757fae7872b94eac839c08a1a4b8d84fd91d6886cfbe75caa2143de64ab3b
  fast_jsonparser (0.6.0) sha256=8f6fb292a9627431f5174eab2dd55f82682c020f2bb1a40609a1cf37e41d3ebd
  ferrum (0.17.1) sha256=51d591120fc593e5a13b5d9d6474389f5145bb92a91e36eab147b5d096c8cbe7
  ffaker (2.25.0) sha256=e485c5adf8195aac55662875b7f515469bca46d77b60d0e7d08db6861bcbec40
  ffi (1.17.2-aarch64-linux-gnu) sha256=c910bd3cae70b76690418cce4572b7f6c208d271f323d692a067d59116211a1a
  ffi (1.17.2-arm-linux-gnu) sha256=d4a438f2b40224ae42ec72f293b3ebe0ba2159f7d1bd47f8417e6af2f68dbaa5
  ffi (1.17.2-arm64-darwin) sha256=54dd9789be1d30157782b8de42d8f887a3c3c345293b57ffb6b45b4d1165f813
  ffi (1.17.2-x86-linux-gnu) sha256=95d8f9ebea23c39888e2ab85a02c98f54acb2f4e79b829250d7267ce741dc7b0
  ffi (1.17.2-x86_64-darwin) sha256=981f2d4e32ea03712beb26e55e972797c2c5a7b0257955d8667ba58f2da6440e
  ffi (1.17.2-x86_64-linux-gnu) sha256=05d2026fc9dbb7cfd21a5934559f16293815b7ce0314846fee2ac8efbdb823ea
  fugit (1.11.2) sha256=4c2e234f750c78d4514d0ca343a0b923847eac3846976fdb23ed4245d8fde6fe
  fx (0.9.0) sha256=9197b8ab2f7814da17d137cd98eb7a72706d7ab87aacf803237ed014baa06d0a
  globalid (1.3.0) sha256=05c639ad6eb4594522a0b07983022f04aa7254626ab69445a0e493aa3786ff11
  good_job (4.12.0) sha256=c401b360293d3c2a6c877d124c91c470b0343a02d74b16c9c85d264d18926ae3
  htmlentities (4.3.4) sha256=125a73c6c9f2d1b62100b7c3c401e3624441b663762afa7fe428476435a673da
  i18n (1.14.7) sha256=ceba573f8138ff2c0915427f1fc5bdf4aa3ab8ae88c8ce255eb3ecf0a11a5d0f
  image_processing (1.14.0) sha256=754cc169c9c262980889bec6bfd325ed1dafad34f85242b5a07b60af004742fb
  importmap-rails (2.2.2) sha256=729f5b1092f832780829ade1d0b46c7e53d91c556f06da7254da2977e93fe614
  io-console (0.8.1) sha256=1e15440a6b2f67b6ea496df7c474ed62c860ad11237f29b3bd187f054b925fcb
  irb (1.15.2) sha256=222f32952e278da34b58ffe45e8634bf4afc2dc7aa9da23fed67e581aa50fdba
  jbuilder (2.14.1) sha256=4eb26376ff60ef100cb4fd6fd7533cd271f9998327e86adf20fd8c0e69fabb42
  jmespath (1.6.2) sha256=238d774a58723d6c090494c8879b5e9918c19485f7e840f2c1c7532cf84ebcb1
  json (2.15.0) sha256=bc24d490a1d81bcbf6b45ee5c02695545d4ed37f679cee879b789a2bbb53ad5c
  language_server-protocol (3.17.0.5) sha256=fd1e39a51a28bf3eec959379985a72e296e9f9acfce46f6a79d31ca8760803cc
  lint_roller (1.1.0) sha256=2c0c845b632a7d172cb849cc90c1bce937a28c5c8ccccb50dfd46a485003cc87
  logger (1.7.0) sha256=196edec7cc44b66cfb40f9755ce11b392f21f7967696af15d274dde7edff0203
  logidze (1.4.1) sha256=6303fbeff030e21cd2f143aa5f7dba300978236509327cbee41447cb2af5e368
  loofah (2.24.1) sha256=655a30842b70ec476410b347ab1cd2a5b92da46a19044357bbd9f401b009a337
  mail (2.8.1) sha256=ec3b9fadcf2b3755c78785cb17bc9a0ca9ee9857108a64b6f5cfc9c0b5bfc9ad
  mailgun-ruby (1.3.10) sha256=1917d8fb8506cd7b26c04eba23b8b94e1393e9611fe6146b7008e435c267ca57
  marcel (1.1.0) sha256=fdcfcfa33cc52e93c4308d40e4090a5d4ea279e160a7f6af988260fa970e0bee
  matrix (0.4.3) sha256=a0d5ab7ddcc1973ff690ab361b67f359acbb16958d1dc072b8b956a286564c5b
  memoist3 (1.0.0) sha256=686e42402cf150a362050c23143dc57b0ef88f8c344943ff8b7845792b50d56f
  mini_magick (5.3.1) sha256=29395dfd76badcabb6403ee5aff6f681e867074f8f28ce08d78661e9e4a351c4
  mini_mime (1.1.5) sha256=8681b7e2e4215f2a159f9400b5816d85e9d8c6c6b491e96a12797e798f8bccef
  mini_portile2 (2.8.9) sha256=0cd7c7f824e010c072e33f68bc02d85a00aeb6fce05bb4819c03dfd3c140c289
  minitest (5.25.5) sha256=391b6c6cb43a4802bfb7c93af1ebe2ac66a210293f4a3fb7db36f2fc7dc2c756
  msgpack (1.8.0) sha256=e64ce0212000d016809f5048b48eb3a65ffb169db22238fb4b72472fecb2d732
  multi_test (1.1.0) sha256=e9e550cdd863fb72becfe344aefdcd4cbd26ebf307847f4a6c039a4082324d10
  multipart-post (2.4.1) sha256=9872d03a8e552020ca096adadbf5e3cb1cd1cdd6acd3c161136b8a5737cdb4a8
  net-http (0.6.0) sha256=9621b20c137898af9d890556848c93603716cab516dc2c89b01a38b894e259fb
  net-imap (0.5.10) sha256=f84d206a296bff48a3a10507567fc38b050d2a40c92ea0d448164f64e60d6205
  net-pop (0.1.2) sha256=848b4e982013c15b2f0382792268763b748cce91c9e91e36b0f27ed26420dff3
  net-protocol (0.2.2) sha256=aa73e0cba6a125369de9837b8d8ef82a61849360eba0521900e2c3713aa162a8
  net-smtp (0.5.1) sha256=ed96a0af63c524fceb4b29b0d352195c30d82dd916a42f03c62a3a70e5b70736
  nio4r (2.7.4) sha256=d95dee68e0bb251b8ff90ac3423a511e3b784124e5db7ff5f4813a220ae73ca9
  nokogiri (1.18.10) sha256=d5cc0731008aa3b3a87b361203ea3d19b2069628cb55e46ac7d84a0445e69cc1
  nokogiri (1.18.10-aarch64-linux-gnu) sha256=7fb87235d729c74a2be635376d82b1d459230cc17c50300f8e4fcaabc6195344
  nokogiri (1.18.10-arm-linux-gnu) sha256=51f4f25ab5d5ba1012d6b16aad96b840a10b067b93f35af6a55a2c104a7ee322
  nokogiri (1.18.10-arm64-darwin) sha256=c2b0de30770f50b92c9323fa34a4e1cf5a0af322afcacd239cd66ee1c1b22c85
  nokogiri (1.18.10-x86_64-darwin) sha256=536e74bed6db2b5076769cab5e5f5af0cd1dccbbd75f1b3e1fa69d1f5c2d79e2
  nokogiri (1.18.10-x86_64-linux-gnu) sha256=ff5ba26ba2dbce5c04b9ea200777fd225061d7a3930548806f31db907e500f72
  orm_adapter (0.5.0) sha256=aa5d0be5d540cbb46d3a93e88061f4ece6a25f6e97d6a47122beb84fe595e9b9
  ostruct (0.6.3) sha256=95a2ed4a4bd1d190784e666b47b2d3f078e4a9efda2fccf18f84ddc6538ed912
  pagy (9.4.0) sha256=db3f2e043f684155f18f78be62a81e8d033e39b9f97b1e1a8d12ad38d7bce738
  paper_trail (16.0.0) sha256=e9b9f0fb1b8b590c8231cfa931b282ba92f90e066e393930a5e1c61ae4c5019d
  parallel (1.27.0) sha256=4ac151e1806b755fb4e2dc2332cbf0e54f2e24ba821ff2d3dcf86bf6dc4ae130
  paranoia (3.0.1) sha256=cdb50c4c5c66f61fd1354f26371a8f0ca6d60156215bebffff42e135c495d083
  parser (3.3.9.0) sha256=94d6929354b1a6e3e1f89d79d4d302cc8f5aa814431a6c9c7e0623335d7687f2
  pg (1.6.2) sha256=58614afd405cc9c2c9e15bffe8432e0d6cfc58b722344ad4a47c73a85189c875
  pg (1.6.2-aarch64-linux) sha256=0503c6be5b0ca5ca3aaf91f2ed638f90843313cb81e8e7d7b60ad4bb62c3d131
  pg (1.6.2-arm64-darwin) sha256=4d44500b28d5193b26674583d199a6484f80f1f2ea9cf54f7d7d06a1b7e316b6
  pg (1.6.2-x86_64-darwin) sha256=c441a55723584e2ae41749bf26024d7ffdfe1841b442308ed50cd6b7fda04115
  pg (1.6.2-x86_64-linux) sha256=525f438137f2d1411a1ebcc4208ec35cb526b5a3b285a629355c73208506a8ea
  pp (0.6.2) sha256=947ec3120c6f92195f8ee8aa25a7b2c5297bb106d83b41baa02983686577b6ff
  pretender (0.6.0) sha256=d4528df42dd0dc5424b5d077a23435341d31ddee09bc54c8301691f55afda63d
  prettyprint (0.2.0) sha256=2bc9e15581a94742064a3cc8b0fb9d45aae3d03a1baa6ef80922627a0766f193
  prism (1.5.1) sha256=b40c1b76ccb9fcccc3d1553967cda6e79fa7274d8bfea0d98b15d27a6d187134
  propshaft (1.3.1) sha256=9acc664ef67e819ffa3d95bd7ad4c3623ea799110c5f4dee67fa7e583e74c392
  psych (5.2.6) sha256=814328aa5dcb6d604d32126a20bc1cbcf05521a5b49dbb1a8b30a07e580f316e
  public_suffix (6.0.2) sha256=bfa7cd5108066f8c9602e0d6d4114999a5df5839a63149d3e8b0f9c1d3558394
  puma (7.0.4) sha256=b4c6ae11d1458052eeaa415176c3bf0000f4232287f413525ab2504446154b7a
  pundit (2.5.2) sha256=e374152baa24f90b630428293faf4b4c5468fc3cc010165f7d8fcb44ce108bbd
  pundit-matchers (4.0.0) sha256=59d6077a1d575ea7cceca3ed73df5257488ee1a111ec707b2a797e76908cffd5
  raabro (1.4.0) sha256=d4fa9ff5172391edb92b242eed8be802d1934b1464061ae5e70d80962c5da882
  racc (1.8.1) sha256=4a7f6929691dbec8b5209a0b373bc2614882b55fc5d2e447a21aaa691303d62f
  rack (3.2.1) sha256=30af3f7e5ec21b0d14d822cf24446048dba5f651b617c7e97405b604f20a9e33
  rack-attack (6.7.0) sha256=3ca47e8f66cd33b2c96af53ea4754525cd928ed3fa8da10ee6dad0277791d77c
  rack-session (2.1.1) sha256=0b6dc07dea7e4b583f58a48e8b806d4c9f1c6c9214ebc202ec94562cbea2e4e9
  rack-test (2.2.0) sha256=005a36692c306ac0b4a9350355ee080fd09ddef1148a5f8b2ac636c720f5c463
  rackup (2.2.1) sha256=f737191fd5c5b348b7f0a4412a3b86383f88c43e13b8217b63d4c8d90b9e798d
  rails (8.0.3) sha256=5d83c0822d1aaea32a278a99b1afedd3f28e14cfff846e96987bb24ebcb3fd45
  rails-dom-testing (2.3.0) sha256=8acc7953a7b911ca44588bf08737bc16719f431a1cc3091a292bca7317925c1d
  rails-html-sanitizer (1.6.2) sha256=35fce2ca8242da8775c83b6ba9c1bcaad6751d9eb73c1abaa8403475ab89a560
  railties (8.0.3) sha256=ace31dcad7134299a64d6d96310d76d32868756e58e2983e25b121acd457f1d2
  rainbow (3.1.1) sha256=039491aa3a89f42efa1d6dec2fc4e62ede96eb6acd95e52f1ad581182b79bc6a
  rake (13.3.0) sha256=96f5092d786ff412c62fde76f793cc0541bd84d2eb579caa529aa8a059934493
  ransack (4.3.0) sha256=48e141814eb4af8a5cc4e9890b7a088fe818c9996c6b8c846f11104b4c12e8b1
  rdoc (6.14.2) sha256=9fdd44df130f856ae70cc9a264dfd659b9b40de369b16581f4ab746e42439226
  recaptcha (5.21.1) sha256=e003e9ceba9b993a9f0c6a828c192f2d46693cd2aa0b0beae94f936649507adb
  redis (5.4.1) sha256=b5e675b57ad22b15c9bcc765d5ac26f60b675408af916d31527af9bd5a81faae
  redis-client (0.26.0) sha256=71e048d75650eb23b8387c71c620a49edb6d2ffc48a565734aa81efca34e90ae
  regexp_parser (2.11.3) sha256=ca13f381a173b7a93450e53459075c9b76a10433caadcb2f1180f2c741fc55a4
  reline (0.6.2) sha256=1dad26a6008872d59c8e05244b119347c9f2ddaf4a53dce97856cd5f30a02846
  request_store (1.7.0) sha256=e1b75d5346a315f452242a68c937ef8e48b215b9453a77a6c0acdca2934c88cb
  responders (3.1.1) sha256=92f2a87e09028347368639cfb468f5fefa745cb0dc2377ef060db1cdd79a341a
  rspec-core (3.13.5) sha256=ab3f682897c6131c67f9a17cfee5022a597f283aebe654d329a565f9937a4fa3
  rspec-expectations (3.13.5) sha256=33a4d3a1d95060aea4c94e9f237030a8f9eae5615e9bd85718fe3a09e4b58836
  rspec-mocks (3.13.5) sha256=e4338a6f285ada9fe56f5893f5457783af8194f5d08884d17a87321d5195ea81
  rspec-rails (8.0.2) sha256=113139a53f5d068d4f48d1c29ad5f982013ed9b0daa69d7f7b266eda5d433ace
  rspec-support (3.13.6) sha256=2e8de3702427eab064c9352fe74488cc12a1bfae887ad8b91cba480ec9f8afb2
  rspec_junit_formatter (0.6.0) sha256=40dde674e6ae4e6cc0ff560da25497677e34fefd2338cc467a8972f602b62b15
  rubocop (1.81.0) sha256=ce624044b42a5eed9109e1d4d2412536dfe2b1a0400f9ef71cf6070fbffb0dfa
  rubocop-ast (1.47.1) sha256=592682017855408b046a8190689490763aecea175238232b1b526826349d01ae
  rubocop-capybara (2.22.1) sha256=ced88caef23efea53f46e098ff352f8fc1068c649606ca75cb74650970f51c0c
  rubocop-factory_bot (2.27.1) sha256=9d744b5916778c1848e5fe6777cc69855bd96548853554ec239ba9961b8573fe
  rubocop-performance (1.26.0) sha256=7bb0d9d9fb2ea122bf6f9a596dd7cf9dc93ab4950923d26c4ae4f328cef71ca9
  rubocop-rails (2.33.3) sha256=848c011b58c1292f3066246c9eb18abf6ffcfbce28bc57c4ab888bbec79af74b
  rubocop-rails-omakase (1.1.0) sha256=2af73ac8ee5852de2919abbd2618af9c15c19b512c4cfc1f9a5d3b6ef009109d
  rubocop-rspec (3.7.0) sha256=b7b214da112034db9c6d00f2d811a354847e870f7b6ed2482b29649c3d42058f
  rubocop-rspec_rails (2.31.0) sha256=775375e18a26a1184a812ef3054b79d218e85601b9ae897f38f8be24dddf1f45
  ruby-progressbar (1.13.0) sha256=80fc9c47a9b640d6834e0dc7b3c94c9df37f08cb072b7761e4a71e22cff29b33
  ruby-vips (2.2.5) sha256=f3c547a172c36ba26b8614c809f5823bc6199623ec6204ec7c3bce29037f7758
  rubyzip (3.1.0) sha256=e5af14749e2e7d2ecfc43526888b2165bf4d464002964c4e281e9480fb26f415
  scenic (1.9.0) sha256=6eec3aa049ba2a137e7eb0b4c4f0200b77f7765fc82e08ad44c01da7905563d9
  securerandom (0.4.1) sha256=cc5193d414a4341b6e225f0cb4446aceca8e50d5e1888743fac16987638ea0b1
  shadcn-ui (0.0.15) sha256=6dde7aa77d6e0121db922ce5e8e2673c60bc30f0af7ddd055c90dbdf9d17f7a4
  sin_lru_redux (2.5.2) sha256=feed104c943afaeeecb1ad83f3f63562088b9785a816625c32b2305eccbd9963
  stimulus-rails (1.3.4) sha256=765676ffa1f33af64ce026d26b48e8ffb2e0b94e0f50e9119e11d6107d67cb06
  stringio (3.1.7) sha256=5b78b7cb242a315fb4fca61a8255d62ec438f58da2b90be66048546ade4507fa
  sys-uname (1.4.1) sha256=ed2278ec670ee8af5eb5420d3a98e22188051f6241180db7c779993db2739a16
  tailwind_merge (0.16.0) sha256=e2a2b26aaef57ae6af6d0e98380bbcbf324ce4e9778cd56df8e837c30e66005c
  tailwindcss-rails (4.3.0) sha256=1e7bf788b8724ba76fec7c43c151a8bca2a39f5d52484aef867f75322df3a6d5
  tailwindcss-ruby (4.1.13) sha256=81b7c3f9ac72135a36da38164fc431158712a43b2aa2f1497e89f69a450e6a70
  tailwindcss-ruby (4.1.13-aarch64-linux-gnu) sha256=4aff0fb04cd7fa6c52fd6e4dd7ca2bd5a040008bcb79fcc19ddfa0ab694ad844
  tailwindcss-ruby (4.1.13-arm64-darwin) sha256=446beb678a86167d625158377db52694af0e6dc212634314d1668f493c2496dc
  tailwindcss-ruby (4.1.13-x86_64-darwin) sha256=6f8c1888b6c5cb9f4b6b3ec72e17d02dca2c098d5f98da1c068d80871ee96611
  tailwindcss-ruby (4.1.13-x86_64-linux-gnu) sha256=0447be23e2eca5234350a3fa164a0c5cc351e8f0eb2efa515394906caf892c0b
  thor (1.4.0) sha256=8763e822ccb0f1d7bee88cde131b19a65606657b847cc7b7b4b82e772bcd8a3d
  timecop (0.9.10) sha256=12ba45ce57cdcf6b1043cb6cdffa6381fd89ce10d369c28a7f6f04dc1b0cd8eb
  timeout (0.4.3) sha256=9509f079b2b55fe4236d79633bd75e34c1c1e7e3fb4b56cb5fda61f80a0fe30e
  tsort (0.2.0) sha256=9650a793f6859a43b6641671278f79cfead60ac714148aabe4e3f0060480089f
  turbo-rails (2.0.16) sha256=d24e1b60f0c575b3549ecda967e5391027143f8220d837ed792c8d48ea0ea38d
  tzinfo (2.0.6) sha256=8daf828cc77bcf7d63b0e3bdb6caa47e2272dcfaf4fbfe46f8c3a9df087a829b
  unicode-display_width (3.2.0) sha256=0cdd96b5681a5949cdbc2c55e7b420facae74c4aaf9a9815eee1087cb1853c42
  unicode-emoji (4.1.0) sha256=4997d2d5df1ed4252f4830a9b6e86f932e2013fbff2182a9ce9ccabda4f325a5
  uri (1.0.3) sha256=e9f2244608eea2f7bc357d954c65c910ce0399ca5e18a7a29207ac22d8767011
  useragent (0.16.11) sha256=700e6413ad4bb954bb63547fa098dddf7b0ebe75b40cc6f93b8d54255b173844
  view_component (4.0.2) sha256=80eb4a8ecf8ff4cf152aea4821a8748d071a2e3af04f0532efcbf5011e8e9f65
  warden (1.2.9) sha256=46684f885d35a69dbb883deabf85a222c8e427a957804719e143005df7a1efd0
  web-console (4.2.1) sha256=e7bcf37a10ea2b4ec4281649d1cee461b32232d0a447e82c786e6841fd22fe20
  webrick (1.9.1) sha256=b42d3c94f166f3fb73d87e9b359def9b5836c426fc8beacf38f2184a21b2a989
  websocket-driver (0.8.0) sha256=ed0dba4b943c22f17f9a734817e808bc84cdce6a7e22045f5315aa57676d4962
  websocket-extensions (0.1.5) sha256=1c6ba63092cda343eb53fc657110c71c754c56484aad42578495227d717a8241
  xpath (3.2.0) sha256=6dfda79d91bb3b949b947ecc5919f042ef2f399b904013eb3ef6d20dd3a4082e
  zeitwerk (2.7.3) sha256=b2e86b4a9b57d26ba68a15230dcc7fe6f040f06831ce64417b0621ad96ba3e85

RUBY VERSION
   ruby 3.4.5p51

BUNDLED WITH
   2.6.3
